GIT
  remote: https://github.com/borisd/vagrant-rake.git
  revision: daa6caffe98d6285a0dad0467f002dd57e822985
  specs:
    vagrant (0.6.0.dev)
      archive-tar-minitar (= 0.5.2)
      erubis (~> 2.6.6)
      i18n (~> 0.4.1)
      json (~> 1.4.6)
      mario (~> 0.0.6)
      net-scp (~> 1.0.3)
      net-ssh (~> 2.0.23)
      thor (~> 0.18.1)
      virtualbox (~> 0.7.3)

PATH
  remote: .
  specs:
    vagrant-rake (0.1.0)
      vagrant (~> 0.6.0)

GEM
  remote: http://rubygems.org/
  specs:
    abstract (1.0.0)
    archive-tar-minitar (0.5.2)
    erubis (2.6.6)
      abstract (>= 1.0.0)
    ffi (0.6.3)
      rake (>= 0.8.7)
    i18n (0.4.1)
    json (1.4.6)
    mario (0.0.6)
    mocha (0.9.8)
      rake
    net-scp (1.0.4)
      net-ssh (>= 1.99.1)
    net-ssh (2.0.23)
    protest (0.4.1)
    rake (0.8.7)
    thor (0.18.1)
    virtualbox (0.7.5)
      ffi (>= 0.6.3)

PLATFORMS
  ruby

DEPENDENCIES
  mocha (~> 0.9.8)
  protest (~> 0.4.0)
  vagrant!
  vagrant-rake!
